GEM
  remote: http://rubygems.org/
  specs:
    logger (1.2.8)
    thor (0.20.0)

PLATFORMS
  ruby

DEPENDENCIES
  logger
  thor

BUNDLED WITH
   1.15.4
